PATH
  remote: ../../cells
  specs:
    cells (4.0.0.beta4)
      disposable (~> 0.0.8)
      tilt (>= 1.4, < 3)
      uber (~> 0.0.9)

GEM
  remote: https://rubygems.org/
  specs:
    cells-erb (0.0.3)
      cells (~> 4.0.0.beta3)
      erbse (>= 0.0.2)
    disposable (0.0.9)
      representable (~> 2.0)
      uber
    erbse (0.0.2)
    mini_portile (0.6.2)
    multi_json (1.11.0)
    nokogiri (1.6.6.2)
      mini_portile (~> 0.6.0)
    representable (2.2.2)
      multi_json
      nokogiri
      uber (~> 0.0.7)
    tilt (2.0.1)
    uber (0.0.13)

PLATFORMS
  ruby

DEPENDENCIES
  cells!
  cells-erb
